RESTRICTION: == net45
NUGET
  remote: https://api.nuget.org/v3/index.json
    FAKE (4.63.2)
    FSharp.Core (4.2.3)
    FSharp.FilePath.Utils (0.2.1)
    FSharp.Version.Utils (0.3)
    NuGet.CommandLine (4.3)

GROUP Build
RESTRICTION: == net45
NUGET
  remote: https://api.nuget.org/v3/index.json
    FAKE (4.63.2)
    FSharp.FakeTargets (0.11.3)
      FAKE (>= 4.61.2 < 5.0)
    NuGet.CommandLine (4.3)
