NUGET
  remote: https://www.nuget.org/api/v2
    FAKE (4.25.4)
    FSharp.FakeTargets (0.8)
    NuGet.CommandLine (2.8.6)
    NUnit.Runners (2.6.4)
