NUGET
  remote: https://www.nuget.org/api/v2
  specs:
    FAKE (4.25.4)
    FSharp.FakeTargets (0.1.0-alpha)
    NUnit.Runners (2.6.4)
