NUGET
  remote: https://www.nuget.org/api/v2
    FAKE (4.40)
    FSharp.FakeTargets (0.10.2-alpha)
      FAKE (>= 4.38.1)
      FSharp.FilePath.Utils (>= 0.2.1)
      FSharp.Version.Utils (>= 0.3)
    FSharp.FilePath.Utils (0.2.1)
    FSharp.Version.Utils (0.3)
    NuGet.CommandLine (3.4.4-rtm-final)
    NUnit.Runners (2.6.4)
