NUGET
  remote: https://www.nuget.org/api/v2
    FAKE (4.40)
    FSharp.FakeTargets (0.10.1)
    NuGet.CommandLine (3.4.4-rtm-final)
    NUnit.Runners (2.6.4)
