NUGET
  remote: https://www.nuget.org/api/v2
    FAKE (4.40)
    FSharp.FakeTargets (0.10)
    NuGet.CommandLine (2.8.6)
    NUnit.Runners (2.6.4)
